PATH
  remote: .
  specs:
    i3-ipc (0.2.0)
      eventmachine (~> 0.12.10)
      yajl-ruby (~> 1.1.0)

GEM
  remote: https://rubygems.org/
  specs:
    eventmachine (0.12.10)
    hpricot (0.8.6)
    mocha (0.9.12)
    mustache (0.99.4)
    rdiscount (2.0.7.1)
    ronn (0.7.3)
      hpricot (>= 0.8.2)
      mustache (>= 0.7.0)
      rdiscount (>= 1.5.8)
    shoulda (2.10.3)
    yajl-ruby (1.1.0)

PLATFORMS
  ruby

DEPENDENCIES
  i3-ipc!
  mocha (~> 0.9.8)
  ronn (~> 0.7.3)
  shoulda (~> 2.10.3)
